GEM
  remote: https://rubygems.org/
  specs:
    httparty (0.21.0)
      mini_mime (>= 1.0.0)
      multi_xml (>= 0.5.2)
    json (2.3.0)
    jsonpath (1.0.5)
      multi_json
      to_regexp (~> 0.2.1)
    mini_mime (1.1.2)
    multi_json (1.14.1)
    multi_xml (0.6.0)
    to_regexp (0.2.1)

PLATFORMS
  ruby

DEPENDENCIES
  httparty (~> 0.21.0)
  json (~> 2.3.0)
  jsonpath (~> 1.0.5)

RUBY VERSION
   ruby 2.6.5p114

BUNDLED WITH
   1.17.2
