GEM
  remote: https://rubygems.org/
  specs:
    httparty (0.18.0)
      mime-types (~> 3.0)
      multi_xml (>= 0.5.2)
    json (2.3.0)
    jsonpath (1.0.5)
      multi_json
      to_regexp (~> 0.2.1)
    mime-types (3.3.1)
      mime-types-data (~> 3.2015)
    mime-types-data (3.2019.1009)
    multi_json (1.14.1)
    multi_xml (0.6.0)
    to_regexp (0.2.1)

PLATFORMS
  ruby

DEPENDENCIES
  httparty (~> 0.18.0)
  json (~> 2.3.0)
  jsonpath (~> 1.0.5)

RUBY VERSION
   ruby 2.6.5p114

BUNDLED WITH
   1.17.2
